GEM
  remote: https://rubygems.org/
  specs:
    addressable (2.8.6)
      public_suffix (>= 2.0.2, < 6.0)
    base64 (0.2.0)
    connection_pool (2.4.1)
    domain_name (0.6.20240107)
    erubi (1.12.0)
    http-cookie (1.0.5)
      domain_name (~> 0.5)
    icalendar (2.10.1)
      ice_cube (~> 0.16)
    ice_cube (0.16.4)
    mechanize (2.10.0)
      addressable (~> 2.8)
      base64
      domain_name (~> 0.5, >= 0.5.20190701)
      http-cookie (~> 1.0, >= 1.0.3)
      mime-types (~> 3.0)
      net-http-digest_auth (~> 1.4, >= 1.4.1)
      net-http-persistent (>= 2.5.2, < 5.0.dev)
      nkf
      nokogiri (~> 1.11, >= 1.11.2)
      rubyntlm (~> 0.6, >= 0.6.3)
      webrick (~> 1.7)
      webrobots (~> 0.1.2)
    mime-types (3.5.2)
      mime-types-data (~> 3.2015)
    mime-types-data (3.2024.0305)
    net-http-digest_auth (1.4.1)
    net-http-persistent (4.0.2)
      connection_pool (~> 2.2)
    netrc (0.11.0)
    nkf (0.2.0)
    nokogiri (1.15.6-arm64-darwin)
      racc (~> 1.4)
    nokogiri (1.15.6-x86_64-linux)
      racc (~> 1.4)
    parallel (1.24.0)
    prism (0.26.0)
    public_suffix (5.0.5)
    racc (1.7.3)
    rbi (0.1.11)
      prism (>= 0.18.0, < 0.27)
      sorbet-runtime (>= 0.5.9204)
    rubyntlm (0.6.3)
    sorbet (0.5.11352)
      sorbet-static (= 0.5.11352)
    sorbet-runtime (0.5.11352)
    sorbet-static (0.5.11352-universal-darwin)
    sorbet-static (0.5.11352-x86_64-linux)
    sorbet-static-and-runtime (0.5.11352)
      sorbet (= 0.5.11352)
      sorbet-runtime (= 0.5.11352)
    spoom (1.3.0)
      erubi (>= 1.10.0)
      prism (>= 0.19.0)
      sorbet-static-and-runtime (>= 0.5.10187)
      thor (>= 0.19.2)
    tapioca (0.13.3)
      bundler (>= 2.2.25)
      netrc (>= 0.11.0)
      parallel (>= 1.21.0)
      rbi (>= 0.1.4, < 0.2)
      sorbet-static-and-runtime (>= 0.5.11087)
      spoom (>= 1.2.0)
      thor (>= 1.2.0)
      yard-sorbet
    thor (1.3.1)
    webrick (1.8.1)
    webrobots (0.1.2)
    yaml (0.1.0)
    yard (0.9.36)
    yard-sorbet (0.8.1)
      sorbet-runtime (>= 0.5)
      yard (>= 0.9)

PLATFORMS
  arm64-darwin-21
  x86_64-linux

DEPENDENCIES
  icalendar (= 2.10.1)
  mechanize (= 2.10.0)
  sorbet
  sorbet-runtime
  tapioca
  yaml (= 0.1.0)

BUNDLED WITH
   2.3.26
